GEM
  remote: http://rubygems.org/
  specs:
    adsf (1.1.1)
      rack (>= 1.0.0)
    colored (1.2)
    cri (2.3.0)
      colored (>= 1.2)
    haml (3.1.7)
    mime-types (1.19)
    nanoc (3.4.2)
      cri (~> 2.2)
    nanoc3 (3.3.0)
      nanoc (>= 3.3.0)
    rack (1.4.1)
    sass (3.2.3)
    sequel (3.41.0)
    sqlite3 (1.3.6)
    systemu (2.5.2)

PLATFORMS
  ruby

DEPENDENCIES
  adsf
  haml
  mime-types
  nanoc3
  rack
  sass
  sequel
  sqlite3
  systemu
