GEM
  remote: http://rubygems.org/
  specs:
    adsf (1.2.0)
      rack (>= 1.0.0)
    colored (1.2)
    cri (2.4.1)
      colored (>= 1.2)
    haml (4.0.4)
      tilt
    mime-types (2.0)
    nanoc (3.6.7)
      cri (~> 2.3)
    nanoc3 (3.3.0)
      nanoc (>= 3.3.0)
    rack (1.5.2)
    sass (3.2.13)
    sequel (4.6.0)
    sqlite3 (1.3.8)
    systemu (2.6.0)
    tilt (2.0.0)

PLATFORMS
  ruby

DEPENDENCIES
  adsf
  haml
  mime-types
  nanoc3
  rack
  sass
  sequel
  sqlite3
  systemu
