GEM
  remote: http://rubygems.org/
  specs:
    adsf (1.2.0)
      rack (>= 1.0.0)
    celluloid (0.15.2)
      timers (~> 1.1.0)
    chunky_png (1.2.9)
    coderay (1.1.0)
    colored (1.2)
    compass (0.12.2)
      chunky_png (~> 1.2)
      fssm (>= 0.2.7)
      sass (~> 3.1)
    cri (2.4.1)
      colored (>= 1.2)
    ffi (1.9.25)
    formatador (0.2.4)
    foundation (1.0.4)
      thor (>= 0.18.1)
    fssm (0.2.10)
    guard (2.2.5)
      formatador (>= 0.2.4)
      listen (~> 2.1)
      lumberjack (~> 1.0)
      pry (>= 0.9.12)
      thor (>= 0.18.1)
    guard-nanoc (1.0.2)
      guard (>= 1.8.0)
      nanoc (>= 3.6.3)
    haml (5.1.2)
      temple (>= 0.8.0)
      tilt
    listen (2.4.0)
      celluloid (>= 0.15.2)
      rb-fsevent (>= 0.9.3)
      rb-inotify (>= 0.9)
    lumberjack (1.0.4)
    method_source (0.8.2)
    mime-types (2.0)
    nanoc (3.6.7)
      cri (~> 2.3)
    pry (0.9.12.4)
      coderay (~> 1.0)
      method_source (~> 0.8)
      slop (~> 3.4)
    rack (2.2.6.3)
    rb-fsevent (0.9.4)
    rb-inotify (0.9.3)
      ffi (>= 0.5.0)
    sass (3.2.13)
    sequel (4.6.0)
    slop (3.4.7)
    sqlite3 (1.3.13)
    systemu (2.6.0)
    temple (0.8.2)
    thor (0.18.1)
    tilt (2.0.10)
    timers (1.1.0)

PLATFORMS
  ruby

DEPENDENCIES
  adsf
  compass
  foundation
  guard-nanoc
  haml
  mime-types
  nanoc
  rack
  sass
  sequel
  sqlite3
  systemu

BUNDLED WITH
   1.17.3
